GIT
  remote: git@github.com:britg/sinatra-cross_origin.git
  revision: 116d6c5e9f0b02fefc0a2b116a3e8f807d6f2253
  specs:
    sinatra-cross_origin (0.3.2)

GEM
  remote: https://rubygems.org/
  specs:
    coderay (1.1.0)
    httpclient (2.3.4.1)
    method_source (0.8.2)
    mini_portile (0.6.0)
    nokogiri (1.6.2.1)
      mini_portile (= 0.6.0)
    pry (0.9.12.6)
      coderay (~> 1.0)
      method_source (~> 0.8)
      slop (~> 3.4)
    rack (1.5.2)
    rack-protection (1.5.3)
      rack
    scraperwiki (3.0.2)
      httpclient
      sqlite_magic
    sinatra (1.4.5)
      rack (~> 1.4)
      rack-protection (~> 1.4)
      tilt (~> 1.3, >= 1.3.4)
    slop (3.5.0)
    sqlite3 (1.3.9)
    sqlite_magic (0.0.3)
      sqlite3
    tilt (1.4.1)

PLATFORMS
  ruby

DEPENDENCIES
  nokogiri
  pry
  scraperwiki
  sinatra
  sinatra-cross_origin!
