GEM
  remote: https://rubygems.org/
  specs:
    httpclient (2.3.4.1)
    mini_portile (0.6.0)
    mustermann (1.1.1)
      ruby2_keywords (~> 0.0.1)
    nokogiri (1.6.2.1)
      mini_portile (= 0.6.0)
    rack (2.2.2)
    rack-protection (2.0.8.1)
      rack
    ruby2_keywords (0.0.2)
    scraperwiki (3.0.2)
      httpclient
      sqlite_magic
    sinatra (2.0.8.1)
      mustermann (~> 1.0)
      rack (~> 2.0)
      rack-protection (= 2.0.8.1)
      tilt (~> 2.0)
    sinatra-cross_origin (0.3.2)
    sqlite3 (1.3.9)
    sqlite_magic (0.0.3)
      sqlite3
    tilt (2.0.10)

PLATFORMS
  ruby

DEPENDENCIES
  nokogiri
  scraperwiki
  sinatra (>= 2.0.0)
  sinatra-cross_origin (~> 0.3.2)

BUNDLED WITH
   1.17.3
