GEM
  remote: https://rubygems.org/
  specs:
    httpclient (2.3.4.1)
    mini_portile2 (2.4.0)
    nokogiri (1.10.4)
      mini_portile2 (~> 2.4.0)
    rack (1.5.2)
    rack-protection (1.5.3)
      rack
    scraperwiki (3.0.2)
      httpclient
      sqlite_magic
    sinatra (1.4.5)
      rack (~> 1.4)
      rack-protection (~> 1.4)
      tilt (~> 1.3, >= 1.3.4)
    sinatra-cross_origin (0.3.2)
    sqlite3 (1.3.9)
    sqlite_magic (0.0.3)
      sqlite3
    tilt (1.4.1)

PLATFORMS
  ruby

DEPENDENCIES
  nokogiri (>= 1.8.3)
  scraperwiki
  sinatra
  sinatra-cross_origin (~> 0.3.2)

BUNDLED WITH
   1.17.3
