GEM
  remote: https://rubygems.org/
  specs:
    httpclient (2.3.4.1)
    mini_portile2 (2.3.0)
    mustermann (1.0.2)
    nokogiri (1.8.3)
      mini_portile2 (~> 2.3.0)
    rack (2.0.5)
    rack-protection (2.0.3)
      rack
    scraperwiki (3.0.2)
      httpclient
      sqlite_magic
    sinatra (2.0.3)
      mustermann (~> 1.0)
      rack (~> 2.0)
      rack-protection (= 2.0.3)
      tilt (~> 2.0)
    sinatra-cross_origin (0.3.2)
    sqlite3 (1.3.9)
    sqlite_magic (0.0.3)
      sqlite3
    tilt (2.0.8)

PLATFORMS
  ruby

DEPENDENCIES
  nokogiri (>= 1.8.2)
  scraperwiki
  sinatra (>= 2.0.2)
  sinatra-cross_origin (~> 0.3.2)

BUNDLED WITH
   1.16.1
